GEM
  remote: https://rubygems.org/
  specs:
    daemons (1.1.9)
    e (0.4.8)
      rack (~> 1.5)
      tilt (~> 1.3)
    eventmachine (1.0.3)
    mysql2 (0.3.11)
    rack (1.5.2)
    sequel (3.48.0)
    slim (2.0.0)
      temple (~> 0.6.5)
      tilt (~> 1.3, >= 1.3.3)
    temple (0.6.5)
    thin (1.5.1)
      daemons (>= 1.0.9)
      eventmachine (>= 0.12.6)
      rack (>= 1.0.0)
    tilt (1.4.1)

PLATFORMS
  ruby

DEPENDENCIES
  e
  mysql2
  sequel
  slim
  thin
